GEM
  remote: https://rubygems.org/
  specs:
    machospec (0.0.0.1)

PLATFORMS
  ruby

DEPENDENCIES
  machospec
